GEM
  remote: https://rubygems.org/
  specs:
    minitest (5.10.3)
    redis (4.0.1)

PLATFORMS
  ruby

DEPENDENCIES
  minitest
  redis

BUNDLED WITH
   1.15.4
